GEM
  remote: http://rubygems.org/
  specs:
    awesome_print (1.2.0)
    coderay (1.1.0)
    httparty (0.13.3)
      json (~> 1.8)
      multi_xml (>= 0.5.2)
    json (1.8.1)
    little-plugger (1.1.3)
    logging (1.8.2)
      little-plugger (>= 1.1.3)
      multi_json (>= 1.8.4)
    method_source (0.8.2)
    multi_json (1.10.1)
    multi_xml (0.5.5)
    pry (0.10.1)
      coderay (~> 1.1.0)
      method_source (~> 0.8.1)
      slop (~> 3.4)
    slop (3.6.0)
    trollop (2.0)
    tvdb_party (0.7.0)
      httparty (>= 0.6.1)

PLATFORMS
  ruby

DEPENDENCIES
  awesome_print
  logging
  pry
  trollop
  tvdb_party
