GEM
  remote: http://rubygems.org/
  specs:
    awesome_print (1.0.2)
    coderay (0.9.8)
    httparty (0.8.1)
      multi_json
      multi_xml
    little-plugger (1.1.3)
    logging (1.6.2)
      little-plugger (>= 1.1.3)
    method_source (0.6.7)
      ruby_parser (>= 2.3.1)
    multi_json (1.0.4)
    multi_xml (0.4.1)
    pry (0.9.7.4)
      coderay (~> 0.9.8)
      method_source (~> 0.6.7)
      ruby_parser (>= 2.3.1)
      slop (~> 2.1.0)
    ruby_parser (2.3.1)
      sexp_processor (~> 3.0)
    sexp_processor (3.0.10)
    slop (2.1.0)
    trollop (1.16.2)
    tvdb_party (0.6.2)
      httparty (>= 0.6.1)

PLATFORMS
  ruby

DEPENDENCIES
  awesome_print
  logging
  pry
  trollop
  tvdb_party
